GEM
  remote: http://rubygems.org/
  specs:
    POpen4 (0.1.4)
      Platform (>= 0.4.0)
      open4
    Platform (0.4.0)
    abstract (1.0.0)
    actionmailer (3.0.4)
      actionpack (= 3.0.4)
      mail (~> 2.2.15)
    actionpack (3.0.4)
      activemodel (= 3.0.4)
      activesupport (= 3.0.4)
      builder (~> 2.1.2)
      erubis (~> 2.6.6)
      i18n (~> 0.4)
      rack (~> 1.2.1)
      rack-mount (~> 0.6.13)
      rack-test (~> 0.5.7)
      tzinfo (~> 0.3.23)
    activemodel (3.0.4)
      activesupport (= 3.0.4)
      builder (~> 2.1.2)
      i18n (~> 0.4)
    activerecord (3.0.4)
      activemodel (= 3.0.4)
      activesupport (= 3.0.4)
      arel (~> 2.0.2)
      tzinfo (~> 0.3.23)
    activeresource (3.0.4)
      activemodel (= 3.0.4)
      activesupport (= 3.0.4)
    activesupport (3.0.4)
    andand (1.3.1)
    arel (2.0.8)
    babosa (0.2.2)
    builder (2.1.2)
    chronic (0.3.0)
    closure-compiler (1.1.1)
    crack (0.1.8)
    erubis (2.6.6)
      abstract (>= 1.0.0)
    fastercsv (1.5.4)
    friendly_id (3.2.1)
      babosa (~> 0.2.1)
    geokit (1.5.0)
    geokit-rails3 (0.1.3)
      geokit (~> 1.5.0)
      rails (~> 3.0.4)
    google-spreadsheet-ruby (0.1.2)
      nokogiri (>= 1.4.3.1)
      oauth (>= 0.3.6)
    i18n (0.5.0)
    jammit (0.6.0)
      closure-compiler (>= 0.1.0)
      yui-compressor (>= 0.9.1)
    mail (2.2.15)
      activesupport (>= 2.3.6)
      i18n (>= 0.4.0)
      mime-types (~> 1.16)
      treetop (~> 1.4.8)
    mime-types (1.16)
    net-ssh (2.1.4)
    nokogiri (1.4.4)
    oauth (0.4.4)
    open4 (1.0.1)
    polyglot (0.3.1)
    rack (1.2.1)
    rack-mount (0.6.13)
      rack (>= 1.0.0)
    rack-test (0.5.7)
      rack (>= 1.0)
    rails (3.0.4)
      actionmailer (= 3.0.4)
      actionpack (= 3.0.4)
      activerecord (= 3.0.4)
      activeresource (= 3.0.4)
      activesupport (= 3.0.4)
      bundler (~> 1.0)
      railties (= 3.0.4)
    railties (3.0.4)
      actionpack (= 3.0.4)
      activesupport (= 3.0.4)
      rake (>= 0.8.7)
      thor (~> 0.14.4)
    rake (0.8.7)
    rest-client (1.6.1)
      mime-types (>= 1.16)
    rmagick (2.13.1)
    sqlite3 (1.3.3)
    thor (0.14.6)
    treetop (1.4.9)
      polyglot (>= 0.3.1)
    tzinfo (0.3.24)
    yui-compressor (0.9.6)
      POpen4 (>= 0.1.4)

PLATFORMS
  ruby

DEPENDENCIES
  andand
  chronic
  crack
  fastercsv
  friendly_id (= 3.2.1)
  geokit
  geokit-rails3
  google-spreadsheet-ruby
  jammit (~> 0.6.0)
  net-ssh
  rails (= 3.0.4)
  rest-client
  rmagick
  sqlite3
